PATH
  remote: .
  specs:
    name_formatter (0.1.0)

GEM
  remote: https://rubygems.org/
  specs:
    concurrent-ruby (1.3.3)
    faker (3.4.1)
      i18n (>= 1.8.11, < 2)
    i18n (1.14.5)
      concurrent-ruby (~> 1.0)
    minitest (5.24.0)

PLATFORMS
  arm64-darwin-23
  ruby

DEPENDENCIES
  bundler (~> 2.0)
  faker (~> 3.4)
  minitest (~> 5.0)
  name_formatter!

BUNDLED WITH
   2.5.11
